GEM
  remote: https://rubygems.org/
  specs:
    nokogiri (1.16.2-x86_64-darwin)
      racc (~> 1.4)
    racc (1.7.3)
    rexml (3.2.6)
    ruby-saml (1.16.0)
      nokogiri (>= 1.13.10)
      rexml

PLATFORMS
  x86_64-darwin-22

DEPENDENCIES
  ruby-saml

BUNDLED WITH
   2.3.26
