GEM
  remote: https://rubygems.org/
  specs:
    rufo (0.16.2)

PLATFORMS
  x86_64-darwin-22

DEPENDENCIES
  rufo

BUNDLED WITH
   2.3.26
